GIT
  remote: git://github.com/sch1zo/rb-libsvm.git
  revision: 59590400d017939804d943cdd77388ecd306e856
  specs:
    rb-libsvm (1.1.2)

GIT
  remote: git://github.com/sch1zo/svm_helper.git
  revision: 1fb8a493cc49718e75207450f794aacfcadeb4ac
  branch: forman_selector
  specs:
    svm_helper (0.2.0.pre)

GIT
  remote: git://github.com/sch1zo/svm_trainer.git
  revision: 3579d40ee69d669eabb962c3a35f2596bdfcef4c
  specs:
    svm_trainer (0.2.0.pre)

GIT
  remote: git@github.com:sch1zo/svm_predictor.git
  revision: d09a3bf841582fb4b71b10c4e69b081a96364385
  specs:
    svm_predictor (0.0.4)
      active_support
      svm_helper

GEM
  remote: https://rubygems.org/
  specs:
    active_support (3.0.0)
      activesupport (= 3.0.0)
    activesupport (3.0.0)
    coderay (1.0.9)
    diff-lcs (1.2.1)
    ffi (1.6.0)
    formatador (0.2.4)
    github-markup (0.7.5)
    guard (1.7.0)
      formatador (>= 0.2.4)
      listen (>= 0.6.0)
      lumberjack (>= 1.0.2)
      pry (>= 0.9.10)
      thor (>= 0.14.6)
    guard-rspec (2.5.1)
      guard (>= 1.1)
      rspec (~> 2.11)
    guard-yard (2.1.0)
      guard (>= 1.1.0)
      yard (>= 0.7.0)
    kramdown (1.0.1)
    listen (0.7.3)
    lumberjack (1.0.3)
    metaclass (0.0.1)
    method_source (0.8.1)
    mocha (0.13.3)
      metaclass (~> 0.0.1)
    parallel (0.6.3)
    pg (0.15.0)
    pry (0.9.12)
      coderay (~> 1.0.5)
      method_source (~> 0.8)
      slop (~> 3.4)
    pry-nav (0.2.3)
      pry (~> 0.9.10)
    rake (10.0.4)
    rb-fchange (0.0.6)
      ffi
    rb-fsevent (0.9.3)
    rb-inotify (0.9.0)
      ffi (>= 0.5.0)
    rspec (2.13.0)
      rspec-core (~> 2.13.0)
      rspec-expectations (~> 2.13.0)
      rspec-mocks (~> 2.13.0)
    rspec-core (2.13.1)
    rspec-expectations (2.13.0)
      diff-lcs (>= 1.1.3, < 2.0)
    rspec-mocks (2.13.0)
    sequel (3.45.0)
    slop (3.4.4)
    thor (0.18.0)
    yard (0.8.5.2)

PLATFORMS
  ruby

DEPENDENCIES
  activesupport
  github-markup
  guard-rspec
  guard-yard
  kramdown
  mocha
  parallel
  pg
  pry
  pry-nav
  rake
  rb-fchange
  rb-fsevent
  rb-inotify (~> 0.9)
  rb-libsvm (>= 1.1.2)!
  sequel
  svm_helper!
  svm_predictor (>= 0.0.4)!
  svm_trainer!
  yard
