GIT
  remote: git://github.com/sch1zo/rb-libsvm.git
  revision: 7b2cc490dec3296ee9317558fc96ad416637f103
  specs:
    rb-libsvm (1.1.2)

GIT
  remote: git://github.com/sch1zo/svm_trainer.git
  revision: b1431648705fc2a3777d119062b16f7670a6b1cd
  specs:
    svm_trainer (0.1.10)

GIT
  remote: git@github.com:sch1zo/svm_predictor.git
  revision: 043ba80bfe0cb1da7dc5f188bdf7dac55a521827
  specs:
    svm_predictor (0.0.2)
      activesupport
      sinatra
      sinatra-contrib
      svm_helper (>= 0.1.1)

GEM
  remote: https://rubygems.org/
  specs:
    activesupport (3.2.12)
      i18n (~> 0.6)
      multi_json (~> 1.0)
    backports (3.1.1)
    coderay (1.0.9)
    diff-lcs (1.2.1)
    eventmachine (1.0.3)
    ffi (1.4.0)
    github-markup (0.7.5)
    guard (1.6.2)
      listen (>= 0.6.0)
      lumberjack (>= 1.0.2)
      pry (>= 0.9.10)
      terminal-table (>= 1.4.3)
      thor (>= 0.14.6)
    guard-rspec (2.5.1)
      guard (>= 1.1)
      rspec (~> 2.11)
    guard-yard (2.0.1)
      guard (>= 1.1.0)
      yard (>= 0.7.0)
    i18n (0.6.4)
    kramdown (1.0.1)
    listen (0.7.3)
    lumberjack (1.0.2)
    metaclass (0.0.1)
    method_source (0.8.1)
    mocha (0.13.3)
      metaclass (~> 0.0.1)
    multi_json (1.6.1)
    parallel (0.6.2)
    pg (0.14.1)
    pry (0.9.12)
      coderay (~> 1.0.5)
      method_source (~> 0.8)
      slop (~> 3.4)
    rack (1.5.2)
    rack-protection (1.5.0)
      rack
    rack-test (0.6.2)
      rack (>= 1.0)
    rake (10.0.3)
    rb-fchange (0.0.6)
      ffi
    rb-fsevent (0.9.3)
    rb-inotify (0.9.0)
      ffi (>= 0.5.0)
    rspec (2.13.0)
      rspec-core (~> 2.13.0)
      rspec-expectations (~> 2.13.0)
      rspec-mocks (~> 2.13.0)
    rspec-core (2.13.1)
    rspec-expectations (2.13.0)
      diff-lcs (>= 1.1.3, < 2.0)
    rspec-mocks (2.13.0)
    sequel (3.45.0)
    sinatra (1.3.5)
      rack (~> 1.4)
      rack-protection (~> 1.3)
      tilt (~> 1.3, >= 1.3.3)
    sinatra-contrib (1.3.2)
      backports (>= 2.0)
      eventmachine
      rack-protection
      rack-test
      sinatra (~> 1.3.0)
      tilt (~> 1.3)
    slop (3.4.4)
    svm_helper (0.1.1)
      parallel (~> 0.6.2)
    terminal-table (1.4.5)
    thor (0.17.0)
    tilt (1.3.5)
    yard (0.8.5.2)

PLATFORMS
  ruby

DEPENDENCIES
  github-markup
  guard-rspec
  guard-yard
  kramdown
  mocha
  pg
  pry
  rake
  rb-fchange
  rb-fsevent
  rb-inotify (~> 0.9)
  rb-libsvm (~> 1.1.2)!
  sequel
  svm_helper (>= 0.1.1)
  svm_predictor (~> 0.0.2)!
  svm_trainer (~> 0.1.10)!
  yard
