GEM
  remote: https://rubygems.org/
  specs:
    activemodel (3.2.8)
      activesupport (= 3.2.8)
      builder (~> 3.0.0)
    activerecord (3.2.8)
      activemodel (= 3.2.8)
      activesupport (= 3.2.8)
      arel (~> 3.0.2)
      tzinfo (~> 0.3.29)
    activerecord-jdbc-adapter (1.2.2)
    activerecord-jdbcpostgresql-adapter (1.2.2)
      activerecord-jdbc-adapter (~> 1.2.2)
      jdbc-postgres (>= 9.0, < 9.2)
    activesupport (3.2.8)
      i18n (~> 0.6)
      multi_json (~> 1.0)
    arel (3.0.2)
    builder (3.0.4)
    coderay (1.0.8)
    i18n (0.6.1)
    jdbc-postgres (9.1.901)
    method_source (0.8.1)
    multi_json (1.3.6)
    pry (0.9.10-java)
      coderay (~> 1.0.5)
      method_source (~> 0.8)
      slop (~> 3.3.1)
      spoon (~> 0.0)
    slop (3.3.3)
    spoon (0.0.1)
    tzinfo (0.3.33)

PLATFORMS
  java

DEPENDENCIES
  activerecord
  activerecord-jdbcpostgresql-adapter
  pry
