GIT
  remote: git://github.com/sch1zo/rb-libsvm.git
  revision: 98fdfcb473dba6d6c42e88f4706698a909ba720d
  specs:
    rb-libsvm (1.1.2)

GIT
  remote: git://github.com/sch1zo/svm_trainer.git
  revision: 4be41d78759a20fd64ca15c38c65c788fbe49d9c
  specs:
    svm_trainer (0.2.0.pre)

GIT
  remote: git@github.com:sch1zo/svm_predictor.git
  revision: c0d2aac6ef21541255e037bb357b374d26ad81d1
  specs:
    svm_predictor (0.1.1)
      activesupport
      svm_helper

GEM
  remote: https://rubygems.org/
  specs:
    activesupport (3.2.13)
      i18n (= 0.6.1)
      multi_json (~> 1.0)
    coderay (1.0.9)
    diff-lcs (1.2.4)
    ffi (1.8.1)
    formatador (0.2.4)
    github-markup (0.7.5)
    guard (1.8.0)
      formatador (>= 0.2.4)
      listen (>= 1.0.0)
      lumberjack (>= 1.0.2)
      pry (>= 0.9.10)
      thor (>= 0.14.6)
    guard-rspec (2.5.4)
      guard (>= 1.1)
      rspec (~> 2.11)
    guard-yard (2.1.0)
      guard (>= 1.1.0)
      yard (>= 0.7.0)
    i18n (0.6.1)
    kramdown (1.0.1)
    listen (1.0.2)
      rb-fsevent (>= 0.9.3)
      rb-inotify (>= 0.9)
      rb-kqueue (>= 0.2)
    lumberjack (1.0.3)
    metaclass (0.0.1)
    method_source (0.8.1)
    mocha (0.13.3)
      metaclass (~> 0.0.1)
    multi_json (1.7.2)
    parallel (0.6.4)
    pg (0.15.1)
    pry (0.9.12.1)
      coderay (~> 1.0.5)
      method_source (~> 0.8)
      slop (~> 3.4)
    pry-nav (0.2.3)
      pry (~> 0.9.10)
    rake (10.0.4)
    rb-fchange (0.0.6)
      ffi
    rb-fsevent (0.9.3)
    rb-inotify (0.9.0)
      ffi (>= 0.5.0)
    rb-kqueue (0.2.0)
      ffi (>= 0.5.0)
    rspec (2.13.0)
      rspec-core (~> 2.13.0)
      rspec-expectations (~> 2.13.0)
      rspec-mocks (~> 2.13.0)
    rspec-core (2.13.1)
    rspec-expectations (2.13.0)
      diff-lcs (>= 1.1.3, < 2.0)
    rspec-mocks (2.13.1)
    ruby-stemmer (0.9.3)
    sequel (3.46.0)
    slop (3.4.4)
    svm_helper (0.2.1)
      ruby-stemmer
    thor (0.18.1)
    yard (0.8.6.1)

PLATFORMS
  ruby

DEPENDENCIES
  activesupport
  github-markup
  guard-rspec
  guard-yard
  kramdown
  mocha
  parallel
  pg
  pry
  pry-nav
  rake
  rb-fchange
  rb-fsevent
  rb-inotify (~> 0.9)
  rb-libsvm (>= 1.1.2)!
  sequel
  svm_helper (>= 0.2.1)
  svm_predictor (>= 0.1.1)!
  svm_trainer (>= 0.2.0.pre)!
  yard
