GIT
  remote: git://github.com/sch1zo/jrb-libsvm.git
  revision: 5062438d623812f941c9cad3c40289efc590d634
  specs:
    jrb-libsvm (0.1.1-java)

GIT
  remote: git://github.com/sch1zo/rb-libsvm.git
  revision: eeb772f3a54c111a15dbeef3045b9129d7c4492a
  ref: eeb772f
  branch: openmp_svc
  specs:
    rb-libsvm (1.1.2)

GIT
  remote: git://github.com/sch1zo/svm_helper.git
  revision: b0bf47ff3e63e07685994278097335d6bdbbbf52
  ref: b0bf47f
  branch: optimize_preprocessing
  specs:
    svm_helper (0.0.10)

GIT
  remote: git://github.com/sch1zo/svm_trainer.git
  revision: 3b5aa13d8b726f91b69db24829296076ad5bd033
  ref: 3b5aa13
  branch: removed_celluloid
  specs:
    svm_trainer (0.1.8)

GEM
  remote: https://rubygems.org/
  specs:
    actionpack (3.2.12)
      activemodel (= 3.2.12)
      activesupport (= 3.2.12)
      builder (~> 3.0.0)
      erubis (~> 2.7.0)
      journey (~> 1.0.4)
      rack (~> 1.4.5)
      rack-cache (~> 1.2)
      rack-test (~> 0.6.1)
      sprockets (~> 2.2.1)
    activemodel (3.2.12)
      activesupport (= 3.2.12)
      builder (~> 3.0.0)
    activerecord (3.2.12)
      activemodel (= 3.2.12)
      activesupport (= 3.2.12)
      arel (~> 3.0.2)
      tzinfo (~> 0.3.29)
    activerecord-jdbc-adapter (1.2.7)
    activerecord-jdbcpostgresql-adapter (1.2.7)
      activerecord-jdbc-adapter (~> 1.2.7)
      jdbc-postgres (>= 9.1, < 9.3)
    activerecord-jdbcsqlite3-adapter (1.2.7)
      activerecord-jdbc-adapter (~> 1.2.7)
      jdbc-sqlite3 (~> 3.7.2)
    activesupport (3.2.12)
      i18n (~> 0.6)
      multi_json (~> 1.0)
    arel (3.0.2)
    builder (3.0.4)
    coderay (1.0.9)
    diff-lcs (1.2.1)
    erubis (2.7.0)
    ffi (1.4.0)
    ffi (1.4.0-java)
    github-markup (0.7.5)
    guard (1.6.2)
      listen (>= 0.6.0)
      lumberjack (>= 1.0.2)
      pry (>= 0.9.10)
      terminal-table (>= 1.4.3)
      thor (>= 0.14.6)
    guard-rspec (2.4.1)
      guard (>= 1.1)
      rspec (~> 2.11)
    guard-yard (2.0.1)
      guard (>= 1.1.0)
      yard (>= 0.7.0)
    hike (1.2.1)
    i18n (0.6.1)
    jdbc-postgres (9.2.1002.1)
    jdbc-sqlite3 (3.7.2.1)
    journey (1.0.4)
    json (1.7.7)
    json (1.7.7-java)
    kramdown (0.14.2)
    listen (0.7.2)
    lumberjack (1.0.2)
    metaclass (0.0.1)
    method_source (0.8.1)
    mocha (0.13.2)
      metaclass (~> 0.0.1)
    multi_json (1.6.1)
    pg (0.14.1)
    pry (0.9.12)
      coderay (~> 1.0.5)
      method_source (~> 0.8)
      slop (~> 3.4)
    pry (0.9.12-java)
      coderay (~> 1.0.5)
      method_source (~> 0.8)
      slop (~> 3.4)
      spoon (~> 0.0)
    rack (1.4.5)
    rack-cache (1.2)
      rack (>= 0.4)
    rack-ssl (1.3.3)
      rack
    rack-test (0.6.2)
      rack (>= 1.0)
    railties (3.2.12)
      actionpack (= 3.2.12)
      activesupport (= 3.2.12)
      rack-ssl (~> 1.3.2)
      rake (>= 0.8.7)
      rdoc (~> 3.4)
      thor (>= 0.14.6, < 2.0)
    rake (10.0.3)
    rb-fchange (0.0.6)
      ffi
    rb-fsevent (0.9.3)
    rb-inotify (0.9.0)
      ffi (>= 0.5.0)
    rdoc (3.12.1)
      json (~> 1.4)
    rspec (2.13.0)
      rspec-core (~> 2.13.0)
      rspec-expectations (~> 2.13.0)
      rspec-mocks (~> 2.13.0)
    rspec-core (2.13.0)
    rspec-expectations (2.13.0)
      diff-lcs (>= 1.1.3, < 2.0)
    rspec-mocks (2.13.0)
    slop (3.4.3)
    spoon (0.0.1)
    sprockets (2.2.2)
      hike (~> 1.2)
      multi_json (~> 1.0)
      rack (~> 1.0)
      tilt (~> 1.1, != 1.3.0)
    sqlite3 (1.3.7)
    standalone_migrations (2.0.3)
      activerecord (~> 3.2.6)
      railties (~> 3.2.6)
      rake
    terminal-table (1.4.5)
    thor (0.17.0)
    tilt (1.3.3)
    tzinfo (0.3.35)
    yard (0.8.4.1)

PLATFORMS
  java
  ruby

DEPENDENCIES
  activerecord
  activerecord-jdbcpostgresql-adapter
  activerecord-jdbcsqlite3-adapter
  activesupport
  github-markup
  guard-rspec
  guard-yard
  jrb-libsvm (>= 0.1.1)!
  kramdown
  mocha
  pg
  pry
  rake
  rb-fchange
  rb-fsevent
  rb-inotify (~> 0.9)
  rb-libsvm (>= 1.1.2)!
  sqlite3
  standalone_migrations
  svm_helper (~> 0.0.10)!
  svm_trainer (~> 0.1.8)!
  yard
