GIT
  remote: git://github.com/sch1zo/jrb-libsvm.git
  revision: 5062438d623812f941c9cad3c40289efc590d634
  specs:
    jrb-libsvm (0.1.1-java)

GIT
  remote: git://github.com/sch1zo/rb-libsvm.git
  revision: 9d473bed1658b564c09e906d82cffb02b4d13c85
  specs:
    rb-libsvm (1.1.1)

GIT
  remote: git://github.com/sch1zo/svm_helper.git
  revision: 799e42c83addc909364d08a5e4a8ce8e4259dc0a
  specs:
    svm_helper (0.0.6)

GIT
  remote: git@github.com:sch1zo/svm_trainer.git
  revision: 36ede4b81da2e07ed6e1cb99555d357e4ef97a8f
  specs:
    svm_trainer (0.1.5)
      celluloid

GEM
  remote: https://rubygems.org/
  specs:
    actionpack (3.2.11)
      activemodel (= 3.2.11)
      activesupport (= 3.2.11)
      builder (~> 3.0.0)
      erubis (~> 2.7.0)
      journey (~> 1.0.4)
      rack (~> 1.4.0)
      rack-cache (~> 1.2)
      rack-test (~> 0.6.1)
      sprockets (~> 2.2.1)
    activemodel (3.2.11)
      activesupport (= 3.2.11)
      builder (~> 3.0.0)
    activerecord (3.2.11)
      activemodel (= 3.2.11)
      activesupport (= 3.2.11)
      arel (~> 3.0.2)
      tzinfo (~> 0.3.29)
    activerecord-jdbc-adapter (1.2.6)
    activerecord-jdbcpostgresql-adapter (1.2.6)
      activerecord-jdbc-adapter (~> 1.2.6)
      jdbc-postgres (>= 9.1, < 9.3)
    activesupport (3.2.11)
      i18n (~> 0.6)
      multi_json (~> 1.0)
    arel (3.0.2)
    builder (3.0.4)
    celluloid (0.12.4)
      facter (>= 1.6.12)
      timers (>= 1.0.0)
    coderay (1.0.8)
    diff-lcs (1.1.3)
    erubis (2.7.0)
    facter (1.6.17)
    ffi (1.3.1)
    ffi (1.3.1-java)
    github-markup (0.7.5)
    guard (1.6.2)
      listen (>= 0.6.0)
      lumberjack (>= 1.0.2)
      pry (>= 0.9.10)
      terminal-table (>= 1.4.3)
      thor (>= 0.14.6)
    guard-rspec (2.4.0)
      guard (>= 1.1)
      rspec (~> 2.11)
    guard-yard (2.0.1)
      guard (>= 1.1.0)
      yard (>= 0.7.0)
    hike (1.2.1)
    i18n (0.6.1)
    jdbc-postgres (9.2.1002.1)
    journey (1.0.4)
    json (1.7.6)
    json (1.7.6-java)
    kramdown (0.14.2)
    listen (0.7.2)
    lumberjack (1.0.2)
    metaclass (0.0.1)
    method_source (0.8.1)
    mocha (0.13.2)
      metaclass (~> 0.0.1)
    multi_json (1.5.0)
    pg (0.14.1)
    pry (0.9.11.4)
      coderay (~> 1.0.5)
      method_source (~> 0.8)
      slop (~> 3.4)
    pry (0.9.11.4-java)
      coderay (~> 1.0.5)
      method_source (~> 0.8)
      slop (~> 3.4)
      spoon (~> 0.0)
    rack (1.4.4)
    rack-cache (1.2)
      rack (>= 0.4)
    rack-ssl (1.3.3)
      rack
    rack-test (0.6.2)
      rack (>= 1.0)
    railties (3.2.11)
      actionpack (= 3.2.11)
      activesupport (= 3.2.11)
      rack-ssl (~> 1.3.2)
      rake (>= 0.8.7)
      rdoc (~> 3.4)
      thor (>= 0.14.6, < 2.0)
    rake (10.0.3)
    rb-fchange (0.0.6)
      ffi
    rb-fsevent (0.9.3)
    rb-inotify (0.8.8)
      ffi (>= 0.5.0)
    rdoc (3.12.1)
      json (~> 1.4)
    rspec (2.12.0)
      rspec-core (~> 2.12.0)
      rspec-expectations (~> 2.12.0)
      rspec-mocks (~> 2.12.0)
    rspec-core (2.12.2)
    rspec-expectations (2.12.1)
      diff-lcs (~> 1.1.3)
    rspec-mocks (2.12.2)
    slop (3.4.3)
    spoon (0.0.1)
    sprockets (2.2.2)
      hike (~> 1.2)
      multi_json (~> 1.0)
      rack (~> 1.0)
      tilt (~> 1.1, != 1.3.0)
    standalone_migrations (2.0.3)
      activerecord (~> 3.2.6)
      railties (~> 3.2.6)
      rake
    terminal-table (1.4.5)
    thor (0.17.0)
    tilt (1.3.3)
    timers (1.1.0)
    tzinfo (0.3.35)
    yard (0.8.4.1)

PLATFORMS
  java
  ruby

DEPENDENCIES
  activerecord
  activerecord-jdbcpostgresql-adapter
  activesupport
  github-markup
  guard-rspec
  guard-yard
  jrb-libsvm (>= 0.1.1)!
  kramdown
  mocha
  pg
  pry
  rake
  rb-fchange
  rb-fsevent
  rb-inotify (~> 0.8.8)
  rb-libsvm (>= 1.1.1)!
  standalone_migrations
  svm_helper (~> 0.0.6)!
  svm_trainer (>= 0.1.5)!
  yard
